GIT
  remote: git@github.com:rcarver/config.git
  revision: 2e0d8e517c74ea211d7498274c14a61cc6b2bb1a
  specs:
    config (0.0.1)
      activesupport
      erubis
      ohai

GEM
  remote: https://rubygems.org/
  specs:
    activesupport (3.2.6)
      i18n (~> 0.6)
      multi_json (~> 1.0)
    erubis (2.7.0)
    i18n (0.6.0)
    ipaddress (0.8.0)
    mixlib-cli (1.2.2)
    mixlib-config (1.1.2)
    mixlib-log (1.4.1)
    multi_json (1.3.6)
    ohai (6.14.0)
      ipaddress
      mixlib-cli
      mixlib-config
      mixlib-log
      systemu
      yajl-ruby
    systemu (2.5.1)
    yajl-ruby (1.1.0)

PLATFORMS
  ruby

DEPENDENCIES
  config!
